GIT
  remote: git://github.com/ZenCocoon/ember-bootstrap-rails.git
  revision: 6b9ff84928857a984cb205f771d0deb60f1ebc20
  specs:
    ember-bootstrap-rails (0.0.2)
      rails (>= 3.1.0)

GIT
  remote: git://github.com/alexspeller/emblem-rails.git
  revision: ceb2628af8e7460d13cd5331dbec81fa12ae6e10
  specs:
    emblem-rails (0.1.0)
      barber-emblem (~> 0.1.1)
      ember-rails (~> 0.11.1)

GIT
  remote: git://github.com/kristianmandrup/ember-konacha-rails.git
  revision: e3d293d52598177de8fd0064f799c14c347ec9ad
  specs:
    ember-konacha-rails (0.1.1)
      httparty (>= 0.9)
      rails (>= 3.1)

GIT
  remote: git://github.com/kristianmandrup/sweet_routing.git
  revision: b942d830f504758731eb8d416db0f4a5fbaf91af
  specs:
    sweet_routing (0.0.1)

GIT
  remote: git://github.com/rails/arel.git
  revision: 788ae0ec3b9d13bb1e1f45632199fa7bc200fc1f
  specs:
    arel (4.0.0.beta2.20130314230643)

GIT
  remote: git://github.com/rails/coffee-rails.git
  revision: 948fef30464235e7588e34faa513b448a00c0e6b
  specs:
    coffee-rails (4.0.0.beta1)
      coffee-script (>= 2.2.0)
      railties (>= 4.0.0.beta, < 5.0)

GIT
  remote: git://github.com/rails/rails.git
  revision: 1c9136ddd2003923edb94c85447ab9272131794a
  specs:
    actionmailer (4.0.0.beta1)
      actionpack (= 4.0.0.beta1)
      mail (~> 2.5.3)
    actionpack (4.0.0.beta1)
      activesupport (= 4.0.0.beta1)
      builder (~> 3.1.0)
      erubis (~> 2.7.0)
      rack (~> 1.5.2)
      rack-test (~> 0.6.2)
    activemodel (4.0.0.beta1)
      activesupport (= 4.0.0.beta1)
      builder (~> 3.1.0)
    activerecord (4.0.0.beta1)
      activemodel (= 4.0.0.beta1)
      activerecord-deprecated_finders (~> 1.0.1)
      activesupport (= 4.0.0.beta1)
      arel (~> 4.0.0.beta2)
    activesupport (4.0.0.beta1)
      i18n (~> 0.6, >= 0.6.4)
      minitest (~> 4.2)
      multi_json (~> 1.3)
      thread_safe (~> 0.1)
      tzinfo (~> 0.3.37)
    rails (4.0.0.beta1)
      actionmailer (= 4.0.0.beta1)
      actionpack (= 4.0.0.beta1)
      activerecord (= 4.0.0.beta1)
      activesupport (= 4.0.0.beta1)
      bundler (>= 1.3.0, < 2.0)
      railties (= 4.0.0.beta1)
      sprockets-rails (~> 2.0.0.rc3)
    railties (4.0.0.beta1)
      actionpack (= 4.0.0.beta1)
      activesupport (= 4.0.0.beta1)
      rake (>= 0.8.7)
      thor (>= 0.18.1, < 2.0)

GIT
  remote: git://github.com/rails/sass-rails.git
  revision: d435679b0fe528b954a9abd0059f975d94707574
  specs:
    sass-rails (4.0.0.beta1)
      railties (>= 4.0.0.beta, < 5.0)
      sass (>= 3.1.10)
      sprockets-rails (~> 2.0.0.rc0)
      tilt (~> 1.3)

GIT
  remote: git://github.com/rails/sprockets-rails.git
  revision: 16082178a15ce50270ec2250ad202379fa882079
  specs:
    sprockets-rails (2.0.0.rc3)
      actionpack (>= 3.0)
      activesupport (>= 3.0)
      sprockets (~> 2.8)

GEM
  remote: https://rubygems.org/
  specs:
    active_model_serializers (0.7.0)
      activemodel (>= 3.0)
    activerecord-deprecated_finders (1.0.1)
    atomic (1.1.8)
    barber (0.4.2)
      ember-source
      execjs
      handlebars-source
    barber-emblem (0.1.1)
      barber (>= 0.4.1)
      emblem-source
    bootstrap-sass (2.3.1.0)
      sass (~> 3.2)
    builder (3.1.4)
    capybara (2.1.0)
      mime-types (>= 1.16)
      nokogiri (>= 1.3.3)
      rack (>= 1.0.0)
      rack-test (>= 0.5.4)
      xpath (~> 2.0)
    childprocess (0.3.9)
      ffi (~> 1.0, >= 1.0.11)
    coderay (1.0.9)
    coffee-script (2.2.0)
      coffee-script-source
      execjs
    coffee-script-source (1.6.2)
    colorize (0.5.8)
    daemons (1.1.9)
    em-websocket (0.5.0)
      eventmachine (>= 0.12.9)
      http_parser.rb (~> 0.5.3)
    ember-auth-rails (4.0.1)
      ember-auth-source
      rails
    ember-auth-source (4.1.2)
      ember-source (>= 0.0.2, != 1.0.0.rc1.2, != 1.0.0.rc1.1, != 1.0.0.rc1.0.0, != 1.0.0.pre4.1)
    ember-data-source (0.0.5)
      ember-source
    ember-rails (0.11.1)
      active_model_serializers
      barber (>= 0.4.1)
      ember-data-source
      ember-source
      execjs (>= 1.2)
      railties (>= 3.1)
    ember-source (1.0.0.rc2.0)
      handlebars-source (>= 1.0.0.rc3, < 1.0.0.rc4)
    emblem-source (0.2.4)
    erubis (2.7.0)
    eventmachine (1.0.3)
    execjs (1.4.0)
      multi_json (~> 1.0)
    faye-websocket (0.4.7)
      eventmachine (>= 0.12.0)
    ffi (1.7.0)
    formatador (0.2.4)
    guard (1.7.0)
      formatador (>= 0.2.4)
      listen (>= 0.6.0)
      lumberjack (>= 1.0.2)
      pry (>= 0.9.10)
      thor (>= 0.14.6)
    guard-konacha (0.3.1)
      activesupport (>= 2.2)
      childprocess (>= 0.2.5)
      guard (~> 1.1)
      konacha (>= 2.3)
    guard-livereload (1.2.0)
      em-websocket (>= 0.2.0)
      guard (>= 1.5.0)
      multi_json (~> 1.0)
    handlebars-source (1.0.0.rc3)
    hike (1.2.2)
    http_parser.rb (0.5.3)
    httparty (0.11.0)
      multi_json (~> 1.0)
      multi_xml (>= 0.5.2)
    i18n (0.6.4)
    jquery-rails (2.2.1)
      railties (>= 3.0, < 5.0)
      thor (>= 0.14, < 2.0)
    konacha (2.6.0)
      actionpack (>= 3.1, < 5)
      capybara
      colorize
      railties (>= 3.1, < 5)
      sprockets
    listen (0.7.3)
    lumberjack (1.0.3)
    mail (2.5.3)
      i18n (>= 0.4.0)
      mime-types (~> 1.16)
      treetop (~> 1.4.8)
    method_source (0.8.1)
    mime-types (1.22)
    minitest (4.7.1)
    multi_json (1.7.2)
    multi_xml (0.5.3)
    nokogiri (1.5.9)
    pg (0.15.1)
    poltergeist (1.2.0)
      capybara (~> 2.1.0)
      faye-websocket (~> 0.4, >= 0.4.4)
      http_parser.rb (~> 0.5.3)
    polyglot (0.3.3)
    pry (0.9.12)
      coderay (~> 1.0.5)
      method_source (~> 0.8)
      slop (~> 3.4)
    quiet_assets (1.0.2)
      railties (>= 3.1, < 5.0)
    rack (1.5.2)
    rack-test (0.6.2)
      rack (>= 1.0)
    rails-api (0.1.0)
      actionpack (>= 3.2.11)
      railties (>= 3.2.11)
      tzinfo (~> 0.3.31)
    rake (10.0.4)
    rb-fchange (0.0.6)
      ffi
    rb-fsevent (0.9.3)
    rb-inotify (0.9.0)
      ffi (>= 0.5.0)
    rubyjs-rails (0.7.2.1)
    sass (3.2.7)
    slop (3.4.4)
    sprockets (2.9.2)
      hike (~> 1.2)
      multi_json (~> 1.0)
      rack (~> 1.0)
      tilt (~> 1.1, != 1.3.0)
    thin (1.5.1)
      daemons (>= 1.0.9)
      eventmachine (>= 0.12.6)
      rack (>= 1.0.0)
    thor (0.18.1)
    thread_safe (0.1.0)
      atomic
    tilt (1.3.7)
    treetop (1.4.12)
      polyglot
      polyglot (>= 0.3.1)
    tzinfo (0.3.37)
    uglifier (2.0.1)
      execjs (>= 0.3.0)
      multi_json (~> 1.0, >= 1.0.2)
    xpath (2.0.0)
      nokogiri (~> 1.3)

PLATFORMS
  ruby

DEPENDENCIES
  arel!
  bootstrap-sass (~> 2.3.1.0)
  coffee-rails!
  ember-auth-rails
  ember-bootstrap-rails!
  ember-konacha-rails!
  ember-rails
  ember-source (= 1.0.0.rc2.0)
  emblem-rails!
  guard
  guard-konacha
  guard-livereload
  jquery-rails
  konacha
  pg
  poltergeist
  quiet_assets
  rails (= 4.0.0.beta1)!
  rails-api (~> 0.1.0)
  rb-fchange
  rb-fsevent
  rb-inotify
  rubyjs-rails
  sass-rails!
  sprockets-rails (~> 2.0.0.rc3)!
  sweet_routing!
  thin
  uglifier (>= 1.0.3)
